PATH
  remote: .
  specs:
    carbon (0.3.0)
      activesupport (>= 2.3.5)
      blockenspiel (>= 0.3.2)
      conversions (~> 1)
      nap (>= 0.4)
      timeframe (>= 0.0.7)

GEM
  remote: http://rubygems.org/
  specs:
    activesupport (3.0.0)
    blockenspiel (0.4.1)
    conversions (1.4.5)
      activesupport (>= 2.3.4)
    diff-lcs (1.1.2)
    fakeweb (1.3.0)
    nap (0.4)
    rspec (2.0.0.rc)
      rspec-core (= 2.0.0.rc)
      rspec-expectations (= 2.0.0.rc)
      rspec-mocks (= 2.0.0.rc)
    rspec-core (2.0.0.rc)
    rspec-expectations (2.0.0.rc)
      diff-lcs (>= 1.1.2)
    rspec-mocks (2.0.0.rc)
      rspec-core (= 2.0.0.rc)
      rspec-expectations (= 2.0.0.rc)
    timeframe (0.0.8)
      activesupport (>= 2.3.5)

PLATFORMS
  ruby

DEPENDENCIES
  activesupport (>= 2.3.5)
  blockenspiel (>= 0.3.2)
  carbon!
  conversions (~> 1)
  fakeweb (>= 1.2.8)
  nap (>= 0.4)
  rspec (>= 2.0.0.beta.17)
  timeframe (>= 0.0.7)
